GEM
  remote: https://rubygems.org/
  specs:
    dotenv (2.5.0)
    foreman (0.85.0)
      thor (~> 0.19.1)
    mustermann (1.0.3)
    puma (3.12.0)
    rack (2.0.6)
    rack-protection (2.0.5)
      rack
    sinatra (2.0.5)
      mustermann (~> 1.0)
      rack (~> 2.0)
      rack-protection (= 2.0.5)
      tilt (~> 2.0)
    thor (0.19.4)
    tilt (2.0.9)

PLATFORMS
  ruby

DEPENDENCIES
  dotenv (= 2.5.0)
  foreman (= 0.85.0)
  puma (= 3.12.0)
  sinatra (= 2.0.5)

RUBY VERSION
   ruby 2.5.3p105

BUNDLED WITH
   1.17.2
