GEM
  remote: https://rubygems.org/
  specs:
    dotenv (2.7.5)
    foreman (0.86.0)
    mustermann (1.0.3)
    nio4r (2.5.2)
    puma (4.3.1)
      nio4r (~> 2.0)
    rack (2.0.8)
    rack-protection (2.0.7)
      rack
    sinatra (2.0.7)
      mustermann (~> 1.0)
      rack (~> 2.0)
      rack-protection (= 2.0.7)
      tilt (~> 2.0)
    tilt (2.0.10)

PLATFORMS
  ruby

DEPENDENCIES
  dotenv (= 2.7.5)
  foreman (= 0.86.0)
  puma (= 4.3.1)
  sinatra (= 2.0.7)

RUBY VERSION
   ruby 2.6.5p114

BUNDLED WITH
   1.17.2
