GEM
  remote: https://rubygems.org/
  specs:
    dotenv (2.7.6)
    foreman (0.87.1)
    mustermann (2.0.2)
      ruby2_keywords (~> 0.0.1)
    nio4r (2.5.2)
    puma (4.3.5)
      nio4r (~> 2.0)
    rack (2.2.4)
    rack-protection (2.2.3)
      rack
    ruby2_keywords (0.0.5)
    sinatra (2.2.3)
      mustermann (~> 2.0)
      rack (~> 2.2)
      rack-protection (= 2.2.3)
      tilt (~> 2.0)
    tilt (2.0.11)

PLATFORMS
  ruby

DEPENDENCIES
  dotenv (= 2.7.6)
  foreman (= 0.87.1)
  puma (= 4.3.5)
  sinatra (= 2.2.3)

RUBY VERSION
   ruby 2.7.1p83

BUNDLED WITH
   2.1.4
