GEM
  remote: https://rubygems.org/
  specs:
    dotenv (2.2.1)
    mustermann (1.0.2)
    puma (3.11.2)
    rack (2.0.4)
    rack-protection (2.0.1)
      rack
    sinatra (2.0.1)
      mustermann (~> 1.0)
      rack (~> 2.0)
      rack-protection (= 2.0.1)
      tilt (~> 2.0)
    tilt (2.0.8)

PLATFORMS
  ruby

DEPENDENCIES
  dotenv (= 2.2.1)
  puma (= 3.11.2)
  sinatra (= 2.0.1)

RUBY VERSION
   ruby 2.5.0p0

BUNDLED WITH
   1.16.1
